GEM
  remote: https://rubygems.org/
  specs:
    coderay (1.1.2)
    method_source (0.9.2)
    mini_portile2 (2.4.0)
    nokogiri (1.10.4)
      mini_portile2 (~> 2.4.0)
    pry (0.12.2)
      coderay (~> 1.1.0)
      method_source (~> 0.9.0)
    rake (13.0.0)
    require_all (2.0.0)
    sqlite3 (1.4.1)

PLATFORMS
  ruby

DEPENDENCIES
  nokogiri
  pry
  rake
  require_all
  sqlite3

BUNDLED WITH
   2.0.1
